GEM
  remote: https://rubygems.org/
  specs:
    json (1.7.6)
    macaddr (1.6.1)
      systemu (~> 2.5.0)
    nokogiri (1.5.6)
    systemu (2.5.2)
    uuid (2.3.6)
      macaddr (~> 1.0)

PLATFORMS
  ruby

DEPENDENCIES
  json (~> 1.7.6)
  nokogiri (~> 1.5.6)
  uuid (~> 2.3.6)
